GEM
  remote: https://rubygems.org/
  specs:
    mini_portile2 (2.4.0)
    nokogiri (1.10.7-x64-mingw32)
      mini_portile2 (~> 2.4.0)
    roo (2.8.2)
      nokogiri (~> 1)
      rubyzip (>= 1.2.1, < 2.0.0)
    rubyzip (1.3.0)

PLATFORMS
  x64-mingw32

DEPENDENCIES
  roo

BUNDLED WITH
   1.17.2
